GIT
  remote: https://github.com/albel727/mecab-ruby-gem.git
  revision: 8c34c5b06cdeef1530ab1996e148b3bf071d1519
  specs:
    mecab-ruby (0.996)

GIT
  remote: https://github.com/albel727/rubyeb19.git
  revision: 70ebfdd764ea707def6588005b3da62953078bc3
  specs:
    eb (2.6.0)

GIT
  remote: https://github.com/albel727/wolfram.git
  revision: 3267f9c789cd0f67d58986b02d88db252783c2c7
  specs:
    wolfram (0.2.1)
      nokogiri (>= 1.4.3)

GEM
  remote: https://rubygems.org/
  specs:
    addressable (2.3.6)
    google-search (1.0.3)
      json
    htmlentities (4.3.2)
    iso_country_codes (0.4.4)
    json (1.8.1)
    mini_portile (0.6.0)
    nokogiri (1.6.3.1)
      mini_portile (= 0.6.0)
    rmmseg-cpp (0.2.9)
    ruby-pinyin (0.4.1)
      rmmseg-cpp (~> 0.2.9)
    sequel (4.13.0)
    sqlite3 (1.3.9)
    thread_safe (0.3.4)
    ting (0.9.0)
    tzinfo (1.2.1)
      thread_safe (~> 0.1)
    webrick (1.3.1)

PLATFORMS
  ruby

DEPENDENCIES
  addressable
  eb!
  google-search
  htmlentities
  iso_country_codes
  json
  mecab-ruby!
  nokogiri
  ruby-pinyin
  sequel
  sqlite3
  ting
  tzinfo
  webrick
  wolfram!
